GEM
  remote: http://rubygems.org/
  specs:
    RedCloth (4.3.4)
    addressable (2.8.6)
      public_suffix (>= 2.0.2, < 6.0)
    base64 (0.2.0)
    bourbon (7.3.0)
      thor (~> 1.0)
    chunky_png (1.4.0)
    coderay (1.1.3)
    colorator (1.1.0)
    compass (1.0.3)
      chunky_png (~> 1.2)
      compass-core (~> 1.0.2)
      compass-import-once (~> 1.0.5)
      rb-fsevent (>= 0.9.3)
      rb-inotify (>= 0.9)
      sass (>= 3.3.13, < 3.5)
    compass-core (1.0.3)
      multi_json (~> 1.0)
      sass (>= 3.3.0, < 3.5)
    compass-import-once (1.0.5)
      sass (>= 3.2, < 3.5)
    concurrent-ruby (1.2.3)
    em-websocket (0.5.3)
      eventmachine (>= 0.12.9)
      http_parser.rb (~> 0)
    erubis (2.7.0)
    eventmachine (1.2.7)
    faraday (2.9.0)
      faraday-net_http (>= 2.0, < 3.2)
    faraday-net_http (3.1.0)
      net-http
    ffi (1.16.3)
    forwardable-extended (2.6.0)
    google-protobuf (3.25.3-x86_64-darwin)
    grizzled-ruby (0.1.9)
      zip (~> 2.0, >= 2.0.2)
    haml (6.3.0)
      temple (>= 0.8.2)
      thor
      tilt
    http_parser.rb (0.8.0)
    i18n (1.14.5)
      concurrent-ruby (~> 1.0)
    jekyll (4.3.3)
      addressable (~> 2.4)
      colorator (~> 1.0)
      em-websocket (~> 0.5)
      i18n (~> 1.0)
      jekyll-sass-converter (>= 2.0, < 4.0)
      jekyll-watch (~> 2.0)
      kramdown (~> 2.3, >= 2.3.1)
      kramdown-parser-gfm (~> 1.0)
      liquid (~> 4.0)
      mercenary (>= 0.3.6, < 0.5)
      pathutil (~> 0.9)
      rouge (>= 3.0, < 5.0)
      safe_yaml (~> 1.0)
      terminal-table (>= 1.8, < 4.0)
      webrick (~> 1.7)
    jekyll-sass-converter (3.0.0)
      sass-embedded (~> 1.54)
    jekyll-watch (2.2.1)
      listen (~> 3.0)
    kramdown (2.4.0)
      rexml
    kramdown-parser-gfm (1.1.0)
      kramdown (~> 2.0)
    liquid (4.0.4)
    listen (3.9.0)
      rb-fsevent (~> 0.10, >= 0.10.3)
      rb-inotify (~> 0.9, >= 0.9.10)
    mercenary (0.4.0)
    method_source (1.1.0)
    mini_magick (4.12.0)
    multi_json (1.15.0)
    mustermann (2.0.2)
      ruby2_keywords (~> 0.0.1)
    net-http (0.4.1)
      uri
    octokit (8.1.0)
      base64
      faraday (>= 1, < 3)
      sawyer (~> 0.9)
    pathutil (0.16.2)
      forwardable-extended (~> 2.6)
    pry (0.14.2)
      coderay (~> 1.1)
      method_source (~> 1.0)
    public_suffix (5.0.5)
    pygments.rb (2.4.1)
    rack (2.2.9)
    rack-protection (2.2.4)
      rack
    rake (12.3.3)
    rb-fsevent (0.11.2)
    rb-inotify (0.10.1)
      ffi (~> 1.0)
    rdiscount (2.2.7.3)
    rexml (3.2.6)
    rouge (4.2.1)
    ruby2_keywords (0.0.5)
    rubypants (0.7.1)
    safe_yaml (1.0.5)
    sass (3.4.25)
    sass-embedded (1.77.0-x86_64-darwin)
      google-protobuf (>= 3.25, < 5.0)
    sawyer (0.9.2)
      addressable (>= 2.3.5)
      faraday (>= 0.17.3, < 3)
    sinatra (2.2.4)
      mustermann (~> 2.0)
      rack (~> 2.2)
      rack-protection (= 2.2.4)
      tilt (~> 2.0)
    stringex (2.8.6)
    temple (0.10.3)
    terminal-table (3.0.2)
      unicode-display_width (>= 1.1.1, < 3)
    thor (1.3.1)
    tilt (2.3.0)
    unicode-display_width (2.5.0)
    uri (0.13.0)
    webrick (1.8.1)
    zip (2.0.2)

PLATFORMS
  x86_64-darwin-21

DEPENDENCIES
  RedCloth (~> 4.3.3)
  bourbon
  compass (>= 0.11)
  erubis
  grizzled-ruby
  haml (>= 3.1)
  jekyll (~> 4.3.3)
  liquid (~> 4.0)
  mini_magick
  octokit
  pry
  pygments.rb
  rack (~> 2.2.0)
  rake (~> 12.3.3)
  rb-fsevent
  rb-inotify
  rdiscount
  rubypants
  sinatra (~> 2.2.0)
  stringex
  webrick

BUNDLED WITH
   2.3.7
