GIT
  remote: git://github.com/bmc/grizzled-rake.git
  revision: e1b8bf6b036187b9f94d810afd6ed34cecda205c
  specs:
    grizzled-rake (0.1.2)

GEM
  remote: http://rubygems.org/
  specs:
    albino (1.3.3)
      posix-spawn (>= 0.3.6)
    classifier (1.3.3)
      fast-stemmer (>= 1.0.0)
    coderay (0.9.8)
    directory_watcher (1.4.1)
    fast-stemmer (1.0.0)
    jekyll (0.11.2)
      albino (~> 1.3)
      classifier (~> 1.3)
      directory_watcher (~> 1.1)
      kramdown (~> 0.13)
      liquid (~> 2.3)
      maruku (~> 0.5)
    kramdown (0.13.4)
    liquid (2.3.0)
    maruku (0.6.0)
      syntax (>= 1.0.0)
    method_source (0.6.7)
      ruby_parser (>= 2.3.1)
    posix-spawn (0.3.6)
    pry (0.9.7.4)
      coderay (~> 0.9.8)
      method_source (~> 0.6.7)
      ruby_parser (>= 2.3.1)
      slop (~> 2.1.0)
    rake (0.9.2.2)
    ruby_parser (2.3.1)
      sexp_processor (~> 3.0)
    sass (3.1.12)
    sexp_processor (3.0.10)
    slop (2.1.0)
    syntax (1.0.0)

PLATFORMS
  ruby

DEPENDENCIES
  grizzled-rake!
  jekyll
  kramdown
  pry
  rake
  sass
