GEM
  remote: http://rubygems.org/
  specs:
    RedCloth (4.3.2)
    addressable (2.8.5)
      public_suffix (>= 2.0.2, < 6.0)
    albino (1.3.3)
      posix-spawn (>= 0.3.6)
    bourbon (7.3.0)
      thor (~> 1.0)
    chunky_png (1.4.0)
    classifier (1.3.5)
      fast-stemmer (~> 1.0.0)
      mathn
      rake
    coderay (1.1.3)
    compass (1.0.3)
      chunky_png (~> 1.2)
      compass-core (~> 1.0.2)
      compass-import-once (~> 1.0.5)
      rb-fsevent (>= 0.9.3)
      rb-inotify (>= 0.9)
      sass (>= 3.3.13, < 3.5)
    compass-core (1.0.3)
      multi_json (~> 1.0)
      sass (>= 3.3.0, < 3.5)
    compass-import-once (1.0.5)
      sass (>= 3.2, < 3.5)
    directory_watcher (1.5.1)
    erubis (2.7.0)
    faraday (2.7.10)
      faraday-net_http (>= 2.0, < 3.1)
      ruby2_keywords (>= 0.0.4)
    faraday-net_http (3.0.2)
    fast-stemmer (1.0.2)
    ffi (1.15.5)
    grizzled-ruby (0.1.9)
      zip (~> 2.0, >= 2.0.2)
    haml (6.1.2)
      temple (>= 0.8.2)
      thor
      tilt
    jekyll (0.11.0)
      albino (>= 1.3.2)
      classifier (>= 1.3.1)
      directory_watcher (>= 1.1.1)
      kramdown (>= 0.13.2)
      liquid (>= 1.9.0)
      maruku (>= 0.5.9)
    kramdown (2.4.0)
      rexml
    liquid (2.2.2)
    maruku (0.7.3)
    mathn (0.1.0)
    method_source (1.0.0)
    mini_magick (4.12.0)
    multi_json (1.15.0)
    octokit (7.0.0)
      faraday (>= 1, < 3)
      sawyer (~> 0.9)
    posix-spawn (0.3.15)
    pry (0.14.2)
      coderay (~> 1.1)
      method_source (~> 1.0)
    public_suffix (5.0.3)
    pygments.rb (2.4.0)
    rack (1.6.13)
    rake (13.0.6)
    rb-fsevent (0.11.2)
    rb-inotify (0.10.1)
      ffi (~> 1.0)
    rdiscount (2.2.7.1)
    rexml (3.2.6)
    ruby2_keywords (0.0.5)
    rubypants (0.7.1)
    sass (3.4.25)
    sawyer (0.9.2)
      addressable (>= 2.3.5)
      faraday (>= 0.17.3, < 3)
    sinatra (1.2.6)
      rack (~> 1.1)
      tilt (>= 1.2.2, < 2.0)
    stringex (2.8.6)
    temple (0.10.2)
    thor (1.2.2)
    tilt (1.4.1)
    zip (2.0.2)

PLATFORMS
  x86_64-darwin-21

DEPENDENCIES
  RedCloth
  bourbon
  compass (>= 0.11)
  erubis
  grizzled-ruby
  haml (>= 3.1)
  jekyll
  liquid (= 2.2.2)
  mini_magick
  octokit
  pry
  pygments.rb
  rack
  rake
  rb-fsevent
  rb-inotify
  rdiscount
  rubypants
  sinatra (= 1.2.6)
  stringex

BUNDLED WITH
   2.3.7
