GEM
  remote: http://rubygems.org/
  specs:
    RedCloth (4.3.2)
    addressable (2.5.2)
      public_suffix (>= 2.0.2, < 4.0)
    albino (1.3.3)
      posix-spawn (>= 0.3.6)
    bourbon (4.3.4)
      sass (~> 3.4)
      thor (~> 0.19)
    chunky_png (1.3.8)
    classifier (1.3.4)
      fast-stemmer (>= 1.0.0)
    coderay (1.1.2)
    compass (1.0.3)
      chunky_png (~> 1.2)
      compass-core (~> 1.0.2)
      compass-import-once (~> 1.0.5)
      rb-fsevent (>= 0.9.3)
      rb-inotify (>= 0.9)
      sass (>= 3.3.13, < 3.5)
    compass-core (1.0.3)
      multi_json (~> 1.0)
      sass (>= 3.3.0, < 3.5)
    compass-import-once (1.0.5)
      sass (>= 3.2, < 3.5)
    directory_watcher (1.5.1)
    erubis (2.7.0)
    faraday (0.13.1)
      multipart-post (>= 1.2, < 3)
    fast-stemmer (1.0.2)
    ffi (1.9.18)
    grizzled-ruby (0.1.9)
      zip (~> 2.0, >= 2.0.2)
    haml (5.0.4)
      temple (>= 0.8.0)
      tilt
    jekyll (0.11.0)
      albino (>= 1.3.2)
      classifier (>= 1.3.1)
      directory_watcher (>= 1.1.1)
      kramdown (>= 0.13.2)
      liquid (>= 1.9.0)
      maruku (>= 0.5.9)
    kramdown (1.15.0)
    liquid (2.2.2)
    maruku (0.7.3)
    method_source (0.9.0)
    mini_magick (4.8.0)
    multi_json (1.12.2)
    multipart-post (2.0.0)
    octokit (4.7.0)
      sawyer (~> 0.8.0, >= 0.5.3)
    posix-spawn (0.3.13)
    pry (0.11.2)
      coderay (~> 1.1.0)
      method_source (~> 0.9.0)
    public_suffix (3.0.0)
    pygments.rb (1.2.0)
      multi_json (>= 1.0.0)
    rack (1.6.8)
    rake (12.2.1)
    rb-fsevent (0.10.2)
    rb-inotify (0.9.10)
      ffi (>= 0.5.0, < 2)
    rdiscount (2.2.0.1)
    rubypants (0.6.0)
    sass (3.4.25)
    sawyer (0.8.1)
      addressable (>= 2.3.5, < 2.6)
      faraday (~> 0.8, < 1.0)
    sinatra (1.2.6)
      rack (~> 1.1)
      tilt (>= 1.2.2, < 2.0)
    stringex (2.7.1)
    temple (0.8.0)
    thor (0.20.0)
    tilt (1.4.1)
    zip (2.0.2)

PLATFORMS
  ruby

DEPENDENCIES
  RedCloth
  bourbon
  compass (>= 0.11)
  erubis
  grizzled-ruby
  haml (>= 3.1)
  jekyll
  liquid (= 2.2.2)
  mini_magick
  octokit
  pry
  pygments.rb
  rack
  rake
  rb-fsevent
  rb-inotify
  rdiscount
  rubypants
  sinatra (= 1.2.6)
  stringex

BUNDLED WITH
   1.16.0
