GEM
  remote: http://rubygems.org/
  specs:
    RedCloth (4.2.9)
    addressable (2.2.8)
    albino (1.3.3)
      posix-spawn (>= 0.3.6)
    blankslate (2.1.2.4)
    bourbon (1.4.0)
      sass (>= 3.1)
    chunky_png (1.2.5)
    classifier (1.3.3)
      fast-stemmer (>= 1.0.0)
    coderay (1.0.5)
    compass (0.11.7)
      chunky_png (~> 1.2)
      fssm (>= 0.2.7)
      sass (~> 3.1)
    directory_watcher (1.4.1)
    erubis (2.7.0)
    faraday (0.8.0)
      multipart-post (~> 1.1)
    faraday_middleware (0.8.7)
      faraday (>= 0.7.4, < 0.9)
    fast-stemmer (1.0.0)
    ffi (1.0.11)
    fssm (0.2.8.1)
    grizzled-ruby (0.1.4)
    haml (3.1.4)
    hashie (1.2.0)
    jekyll (0.11.0)
      albino (>= 1.3.2)
      classifier (>= 1.3.1)
      directory_watcher (>= 1.1.1)
      kramdown (>= 0.13.2)
      liquid (>= 1.9.0)
      maruku (>= 0.5.9)
    kramdown (0.13.4)
    liquid (2.2.2)
    maruku (0.6.0)
      syntax (>= 1.0.0)
    method_source (0.7.0)
    mini_magick (3.4)
      subexec (~> 0.2.1)
    multi_json (1.3.4)
    multipart-post (1.1.5)
    octokit (1.0.5)
      addressable (~> 2.2)
      faraday (~> 0.8)
      faraday_middleware (~> 0.8)
      hashie (~> 1.2)
      multi_json (~> 1.3)
    posix-spawn (0.3.6)
    pry (0.9.8.1)
      coderay (~> 1.0.5)
      method_source (~> 0.7)
      slop (>= 2.4.3, < 3)
    pygments.rb (0.2.4)
      rubypython (~> 0.5.3)
    rack (1.4.1)
    rake (0.9.2.2)
    rb-fsevent (0.9.0)
    rb-inotify (0.8.8)
      ffi (>= 0.5.0)
    rdiscount (1.6.8)
    rubypants (0.2.0)
    rubypython (0.5.3)
      blankslate (>= 2.1.2.3)
      ffi (~> 1.0.7)
    sass (3.1.18)
    sinatra (1.2.6)
      rack (~> 1.1)
      tilt (>= 1.2.2, < 2.0)
    slop (2.4.3)
    stringex (1.3.0)
    subexec (0.2.1)
    syntax (1.0.0)
    tilt (1.3.3)

PLATFORMS
  ruby

DEPENDENCIES
  RedCloth
  bourbon
  compass (>= 0.11)
  erubis
  grizzled-ruby
  haml (>= 3.1)
  jekyll
  liquid (= 2.2.2)
  mini_magick
  octokit
  pry
  pygments.rb
  rack
  rake
  rb-fsevent
  rb-inotify
  rdiscount
  rubypants
  sinatra (= 1.2.6)
  stringex
